PATH
  remote: ../../graphql_java_gen
  specs:
    graphql_java_gen (0.1.0)
      graphql_schema (~> 0.1.1)

GEM
  remote: https://gems.ruby-china.com/
  specs:
    colorize (0.8.1)
    graphql_schema (0.1.6)
    json (2.3.0)

PLATFORMS
  ruby

DEPENDENCIES
  colorize (~> 0.8.1)
  graphql_java_gen!
  json (~> 2.3)

BUNDLED WITH
   2.1.4
